PATH
  remote: cinch
  specs:
    cinch (1.1.3)

GEM
  remote: http://rubygems.org/
  specs:
    rack (1.3.3)
    sinatra (1.2.6)
      rack (~> 1.1)
      tilt (>= 1.2.2, < 2.0)
    tilt (1.3.3)

PLATFORMS
  ruby

DEPENDENCIES
  cinch!
  sinatra
